PATH
  remote: .
  specs:
    REX12 (0.2.0)

GEM
  remote: https://rubygems.org/
  specs:
    byebug (11.1.3)
    diff-lcs (1.4.4)
    rake (13.0.1)
    rspec (3.10.0)
      rspec-core (~> 3.10.0)
      rspec-expectations (~> 3.10.0)
      rspec-mocks (~> 3.10.0)
    rspec-core (3.10.0)
      rspec-support (~> 3.10.0)
    rspec-expectations (3.10.0)
      diff-lcs (>= 1.2.0, < 2.0)
      rspec-support (~> 3.10.0)
    rspec-mocks (3.10.0)
      diff-lcs (>= 1.2.0, < 2.0)
      rspec-support (~> 3.10.0)
    rspec-support (3.10.0)
    rspec_junit_formatter (0.4.1)
      rspec-core (>= 2, < 4, != 2.12.0)
    yard (0.9.36)

PLATFORMS
  ruby

DEPENDENCIES
  REX12!
  bundler (~> 1.16.2)
  byebug (~> 11.1)
  rake (~> 13.0)
  rspec (~> 3.10)
  rspec_junit_formatter
  yard (~> 0.9)

BUNDLED WITH
   1.16.2
